PATH
  remote: .
  specs:
    rbankgiro (0.2.1)

GEM
  remote: http://rubygems.org/
  specs:
    rake (0.9.2.2)

PLATFORMS
  ruby

DEPENDENCIES
  rake
  rbankgiro!
