PATH
  remote: .
  specs:
    rbankgiro (0.2.1)

GEM
  remote: https://rubygems.org/
  specs:
    rake (10.0.4)

PLATFORMS
  ruby

DEPENDENCIES
  rake
  rbankgiro!
